PATH
  remote: .
  specs:
    fluent-plugin-mysql-fetch-and-emit (0.1.0)
      fluentd (>= 0.14.10, < 2)
      mysql2

GEM
  remote: https://rubygems.org/
  specs:
    concurrent-ruby (1.1.10)
    cool.io (1.7.1)
    fluentd (1.15.0)
      bundler
      cool.io (>= 1.4.5, < 2.0.0)
      http_parser.rb (>= 0.5.1, < 0.9.0)
      msgpack (>= 1.3.1, < 2.0.0)
      serverengine (>= 2.3.0, < 3.0.0)
      sigdump (~> 0.2.2)
      strptime (>= 0.2.4, < 1.0.0)
      tzinfo (>= 1.0, < 3.0)
      tzinfo-data (~> 1.0)
      webrick (>= 1.4.2, < 1.8.0)
      yajl-ruby (~> 1.0)
    http_parser.rb (0.8.0)
    msgpack (1.5.3)
    mysql2 (0.5.0)
    power_assert (1.1.1)
    rake (12.3.3)
    serverengine (2.3.0)
      sigdump (~> 0.2.2)
    sigdump (0.2.4)
    strptime (0.2.5)
    test-unit (3.2.7)
      power_assert
    tzinfo (2.0.5)
      concurrent-ruby (~> 1.0)
    tzinfo-data (1.2022.1)
      tzinfo (>= 1.0.0)
    webrick (1.7.0)
    yajl-ruby (1.4.3)

PLATFORMS
  ruby

DEPENDENCIES
  bundler (~> 1.14)
  fluent-plugin-mysql-fetch-and-emit!
  rake (~> 12.0)
  test-unit (~> 3.0)

BUNDLED WITH
   1.16.1
